PATH
  remote: .
  specs:
    tex2md (0.0.1)

GEM
  remote: https://rubygems.org/
  specs:
    ansi (1.5.0)
    builder (3.2.2)
    minitest (5.8.4)
    minitest-reporters (1.1.8)
      ansi
      builder
      minitest (>= 5.0)
      ruby-progressbar
    rake (10.4.2)
    ruby-progressbar (1.7.5)

PLATFORMS
  ruby

DEPENDENCIES
  minitest-reporters (~> 1.0, >= 1.0.8)
  rake
  tex2md!

BUNDLED WITH
   1.11.2
